PATH
  remote: .
  specs:
    img_cli (0.1.0)
      bundler (~> 1.10)
      commander (~> 4.4)
      exifr (~> 1.3)
      pastel (~> 0.7)
      terminal-table (~> 1.8)
      tty-spinner (~> 0.8)

GEM
  remote: https://rubygems.org/
  specs:
    awesome_print (1.8.0)
    byebug (10.0.2)
    commander (4.4.5)
      highline (~> 1.7.2)
    diff-lcs (1.3)
    equatable (0.5.0)
    exifr (1.3.4)
    highline (1.7.10)
    pastel (0.7.2)
      equatable (~> 0.5.0)
      tty-color (~> 0.4.0)
    rspec (3.7.0)
      rspec-core (~> 3.7.0)
      rspec-expectations (~> 3.7.0)
      rspec-mocks (~> 3.7.0)
    rspec-core (3.7.1)
      rspec-support (~> 3.7.0)
    rspec-expectations (3.7.0)
      diff-lcs (>= 1.2.0, < 2.0)
      rspec-support (~> 3.7.0)
    rspec-mocks (3.7.0)
      diff-lcs (>= 1.2.0, < 2.0)
      rspec-support (~> 3.7.0)
    rspec-support (3.7.1)
    terminal-table (1.8.0)
      unicode-display_width (~> 1.1, >= 1.1.1)
    tty-color (0.4.3)
    tty-cursor (0.6.0)
    tty-spinner (0.8.0)
      tty-cursor (>= 0.5.0)
    unicode-display_width (1.4.0)

PLATFORMS
  ruby

DEPENDENCIES
  awesome_print (~> 1.6)
  byebug (~> 10.0)
  img_cli!
  rspec (~> 3.3)

BUNDLED WITH
   1.16.2
